GEM
  remote: http://rubygems.org/
  specs:
    actionmailer (2.3.14)
      actionpack (= 2.3.14)
    actionpack (2.3.14)
      activesupport (= 2.3.14)
      rack (~> 1.1.0)
    activerecord (2.3.14)
      activesupport (= 2.3.14)
    activeresource (2.3.14)
      activesupport (= 2.3.14)
    activesupport (2.3.14)
    authlogic (2.1.6)
      activesupport
    bluecloth (2.1.0)
    builder (3.0.0)
    cancan (1.3.4)
    cocaine (0.2.1)
    email_spec (0.6.6)
      rspec
    escape (0.0.4)
    exception_notification (2.3.3.0)
    factory_girl (1.3.3)
    icalendar (1.1.6)
    mime-types (1.17.2)
    mysql (2.8.1)
    nokogiri (1.5.0)
    paperclip (2.3.16)
      activerecord (>= 2.3.0)
      activesupport (>= 2.3.2)
      cocaine (>= 0.0.2)
      mime-types
    pr_geohash (1.0.0)
    rack (1.1.2)
    rails (2.3.14)
      actionmailer (= 2.3.14)
      actionpack (= 2.3.14)
      activerecord (= 2.3.14)
      activeresource (= 2.3.14)
      activesupport (= 2.3.14)
      rake (>= 0.8.3)
    rake (0.9.2.2)
    rsolr (0.12.1)
      builder (>= 2.1.2)
    rspec (1.3.2)
    sqlite3 (1.3.5)
    sqlite3-ruby (1.3.3)
      sqlite3 (>= 1.3.3)
    sunspot (1.2.1)
      escape (= 0.0.4)
      pr_geohash (~> 1.0)
      rsolr (= 0.12.1)
    sunspot_rails (1.2.1)
      nokogiri
      sunspot (= 1.2.1)
    vestal_versions (1.0.2)
      activerecord (>= 2.1.0)
    will_paginate (2.3.16)

PLATFORMS
  ruby

DEPENDENCIES
  authlogic (~> 2.1.6)
  bluecloth (~> 2.1.0)
  cancan (~> 1.3.4)
  email_spec (~> 0.6.5)
  exception_notification (~> 2.3.3.0)
  factory_girl (~> 1.3.2)
  icalendar (~> 1.1.5)
  mysql
  paperclip (~> 2.3.3)
  rails (~> 2.3.11)
  rake
  rspec (~> 1.3.0)
  sqlite3-ruby
  sunspot (~> 1.2.1)
  sunspot_rails (~> 1.2.1)
  vestal_versions (~> 1.0.2)
  will_paginate (~> 2.3.15)
