GEM
  remote: http://rubygems.org/
  specs:
    actionmailer (2.3.14)
      actionpack (= 2.3.14)
    actionpack (2.3.14)
      activesupport (= 2.3.14)
      rack (~> 1.1.0)
    activerecord (2.3.14)
      activesupport (= 2.3.14)
    activeresource (2.3.14)
      activesupport (= 2.3.14)
    activesupport (2.3.14)
    authlogic (2.1.6)
      activesupport
    builder (3.0.0)
    cocaine (0.2.1)
    columnize (0.3.6)
    email_spec (0.6.6)
      rspec
    escape (0.0.4)
    exception_notification (2.3.3.0)
    factory_girl (1.3.3)
    foreman (0.36.1)
      term-ansicolor (~> 1.0.7)
      thor (>= 0.13.6)
    linecache (0.46)
      rbx-require-relative (> 0.0.4)
    mime-types (1.17.2)
    mysql (2.8.1)
    nokogiri (1.5.0)
    oauth (0.4.5)
    paperclip (2.3.16)
      activerecord (>= 2.3.0)
      activesupport (>= 2.3.2)
      cocaine (>= 0.0.2)
      mime-types
    pr_geohash (1.0.0)
    rack (1.1.2)
    rails (2.3.14)
      actionmailer (= 2.3.14)
      actionpack (= 2.3.14)
      activerecord (= 2.3.14)
      activeresource (= 2.3.14)
      activesupport (= 2.3.14)
      rake (>= 0.8.3)
    rake (0.9.2.2)
    rbx-require-relative (0.0.5)
    rsolr (0.12.1)
      builder (>= 2.1.2)
    rspec (1.3.2)
    ruby-debug (0.10.4)
      columnize (>= 0.1)
      ruby-debug-base (~> 0.10.4.0)
    ruby-debug-base (0.10.4)
      linecache (>= 0.3)
    sqlite3 (1.3.5)
    sqlite3-ruby (1.3.3)
      sqlite3 (>= 1.3.3)
    sunspot (1.2.1)
      escape (= 0.0.4)
      pr_geohash (~> 1.0)
      rsolr (= 0.12.1)
    sunspot_rails (1.2.1)
      nokogiri
      sunspot (= 1.2.1)
    term-ansicolor (1.0.7)
    thor (0.14.6)
    will_paginate (2.3.16)
    xeroizer (0.3.5)
      activesupport
      activesupport
      builder (>= 2.1.2)
      builder (>= 2.1.2)
      nokogiri
      nokogiri
      oauth (>= 0.3.6)
      oauth (>= 0.3.6)

PLATFORMS
  ruby

DEPENDENCIES
  authlogic (~> 2.1.6)
  email_spec (~> 0.6.5)
  exception_notification (~> 2.3.3.0)
  factory_girl (~> 1.3.2)
  foreman
  mysql
  paperclip (~> 2.3.3)
  rails (~> 2.3.11)
  rake
  rspec (~> 1.3.0)
  ruby-debug
  sqlite3-ruby
  sunspot (~> 1.2.1)
  sunspot_rails (~> 1.2.1)
  will_paginate (~> 2.3.15)
  xeroizer (~> 0.3.5)
