GEM
  remote: http://rubygems.org/
  specs:
    actionmailer (2.3.11)
      actionpack (= 2.3.11)
    actionpack (2.3.11)
      activesupport (= 2.3.11)
      rack (~> 1.1.0)
    activerecord (2.3.11)
      activesupport (= 2.3.11)
    activeresource (2.3.11)
      activesupport (= 2.3.11)
    activesupport (2.3.11)
    authlogic (2.1.6)
      activesupport
    bluecloth (2.1.0)
    builder (2.1.2)
    cancan (1.3.4)
    cucumber (0.9.4)
      builder (~> 2.1.2)
      diff-lcs (~> 1.1.2)
      gherkin (~> 2.2.9)
      json (~> 1.4.6)
      term-ansicolor (~> 1.0.5)
    diff-lcs (1.1.2)
    email_spec (0.6.5)
    exception_notification (2.3.3.0)
    factory_girl (1.3.2)
    gherkin (2.2.9)
      json (~> 1.4.6)
      term-ansicolor (~> 1.0.5)
    icalendar (1.1.5)
    json (1.4.6)
    paperclip (2.3.3)
      activerecord
      activesupport
    rack (1.1.2)
    rails (2.3.11)
      actionmailer (= 2.3.11)
      actionpack (= 2.3.11)
      activerecord (= 2.3.11)
      activeresource (= 2.3.11)
      activesupport (= 2.3.11)
      rake (>= 0.8.3)
    rake (0.9.0)
    rspec (1.3.0)
    sqlite3 (1.3.3)
    sqlite3-ruby (1.3.3)
      sqlite3 (>= 1.3.3)
    term-ansicolor (1.0.5)
    vestal_versions (1.0.2)
      activerecord (>= 2.1.0)
    will_paginate (2.3.15)

PLATFORMS
  ruby

DEPENDENCIES
  authlogic (= 2.1.6)
  bluecloth (= 2.1.0)
  cancan (= 1.3.4)
  cucumber (= 0.9.4)
  email_spec (= 0.6.5)
  exception_notification (= 2.3.3.0)
  factory_girl (= 1.3.2)
  icalendar (= 1.1.5)
  paperclip (= 2.3.3)
  rails (= 2.3.11)
  rspec (= 1.3.0)
  sqlite3-ruby
  vestal_versions (= 1.0.2)
  will_paginate (= 2.3.15)
